GEM
  remote: http://rubygems.org/
  specs:
    domain_name (0.5.20190701)
      unf (>= 0.0.5, < 1.0.0)
    http-cookie (1.0.5)
      domain_name (~> 0.5)
    json (1.8.3)
    mime-types (2.99.3)
    netrc (0.11.0)
    rack (1.5.2)
    rack-protection (1.3.2)
      rack
    rest-client (1.8.0)
      http-cookie (>= 1.0.2, < 2.0)
      mime-types (>= 1.16, < 3.0)
      netrc (~> 0.7)
    sinatra (1.3.5)
      rack (~> 1.4)
      rack-protection (~> 1.3)
      tilt (~> 1.3, >= 1.3.3)
    tilt (1.3.3)
    unf (0.1.4)
      unf_ext
    unf_ext (0.0.8.2)

PLATFORMS
  ruby

DEPENDENCIES
  json (~> 1.8)
  rest-client (~> 1.8.0)
  sinatra (~> 1.3.5)

BUNDLED WITH
   1.10.6
